GEM
  remote: https://rubygems.org/
  specs:
    activemodel (7.0.3)
      activesupport (= 7.0.3)
    activerecord (7.0.3)
      activemodel (= 7.0.3)
      activesupport (= 7.0.3)
    activesupport (7.0.3)
      concurrent-ruby (~> 1.0, >= 1.0.2)
      i18n (>= 1.6, < 2)
      minitest (>= 5.1)
      tzinfo (~> 2.0)
    buildkite-test_collector (1.1.1)
      activesupport (>= 5.2, < 8)
      websocket (~> 1.2)
    concurrent-ruby (1.1.10)
    connection_pool (2.3.0)
    database_cleaner (2.0.1)
      database_cleaner-active_record (~> 2.0.0)
    database_cleaner-active_record (2.0.1)
      activerecord (>= 5.a)
      database_cleaner-core (~> 2.0.0)
    database_cleaner-core (2.0.1)
    docile (1.4.0)
    factory_bot (6.2.1)
      activesupport (>= 5.0.0)
    flipper (0.26.0)
      concurrent-ruby (< 2)
    flipper-redis (0.26.0)
      flipper (~> 0.26.0)
      redis (>= 3.0, < 6)
    i18n (1.10.0)
      concurrent-ruby (~> 1.0)
    minitest (5.16.1)
    redis (5.0.5)
      redis-client (>= 0.9.0)
    redis-client (0.11.2)
      connection_pool
    rspec-core (3.11.0)
      rspec-support (~> 3.11.0)
    rspec-support (3.11.0)
    rspec_junit_formatter (0.5.1)
      rspec-core (>= 2, < 4, != 2.12.0)
    shoulda-matchers (5.1.0)
      activesupport (>= 5.2.0)
    simplecov (0.21.2)
      docile (~> 1.1)
      simplecov-html (~> 0.11)
      simplecov_json_formatter (~> 0.1)
    simplecov-html (0.12.3)
    simplecov_json_formatter (0.1.4)
    test-prof (1.0.9)
    timecop (0.9.5)
    tzinfo (2.0.4)
      concurrent-ruby (~> 1.0)
    websocket (1.2.9)

PLATFORMS
  x86_64-darwin-18
  x86_64-linux

DEPENDENCIES
  buildkite-test_collector
  database_cleaner (~> 2.0.1)
  factory_bot (~> 6.2.1)
  flipper
  flipper-redis (~> 0.26.0)
  rspec_junit_formatter (~> 0.5.1)
  shoulda-matchers (~> 5.1.0)
  simplecov
  test-prof (~> 1.0.9)
  timecop (~> 0.9.5)

RUBY VERSION
   ruby 2.7.3p183

BUNDLED WITH
   2.2.27
